GEM
  remote: https://rubygems.org/
  specs:
    bigdecimal (3.1.9)
    pg (1.5.9)
    rack (2.2.10)
    rack-test (2.2.0)
      rack (>= 1.3)
    rage-iodine (4.0.0)
    rage-rb (1.11.0)
      rack (~> 2.0)
      rack-test (~> 2.1)
      rage-iodine (~> 4.0)
      rake (>= 12.0)
      thor (~> 1.0)
      zeitwerk (~> 2.6)
    rake (13.2.1)
    sequel (5.88.0)
      bigdecimal
    sequel_pg (1.17.1)
      pg (>= 0.18.0, != 1.2.0)
      sequel (>= 4.38.0)
    thor (1.3.2)
    zeitwerk (2.7.1)

PLATFORMS
  ruby
  x86_64-darwin-20

DEPENDENCIES
  pg (~> 1.0)
  rage-rb (~> 1.10)
  sequel (~> 5.0)
  sequel_pg (~> 1.6)

BUNDLED WITH
   2.5.6
