GEM
  remote: https://rubygems.org/
  specs:
    bigdecimal (3.1.9)
    erubi (1.13.1)
    iodine (0.7.58)
    json (2.13.2)
    nio4r (2.7.4)
    pg (1.5.9)
    puma (6.6.0)
      nio4r (~> 2.0)
    rack (3.2.0)
    roda (3.90.0)
      rack
    sequel (5.90.0)
      bigdecimal
    sequel_pg (1.17.1)
      pg (>= 0.18.0, != 1.2.0)
      sequel (>= 4.38.0)
    tilt (2.6.0)
    trilogy (2.9.0)

PLATFORMS
  ruby
  x86_64-darwin-22
  x86_64-linux

DEPENDENCIES
  erubi (~> 1.12)
  iodine (~> 0.7)
  json (~> 2.8)
  pg (~> 1.4)
  puma (~> 6.2)
  roda (~> 3.66)
  sequel (~> 5.67)
  sequel_pg (~> 1.17)
  tilt (~> 2.1)
  trilogy (~> 2.9)

BUNDLED WITH
   2.7.0
