GEM
  remote: https://rubygems.org/
  specs:
    base64 (0.2.0)
    bigdecimal (3.1.9)
    erubi (1.13.1)
    iodine (0.7.58)
    json (2.10.2)
    kgio (2.11.4)
    mysql2 (0.5.6)
    nio4r (2.7.4)
    pg (1.5.9)
    puma (6.6.0)
      nio4r (~> 2.0)
    rack (3.1.12)
    raindrops (0.20.1)
    roda (3.90.0)
      rack
    sequel (5.90.0)
      bigdecimal
    sequel_pg (1.17.1)
      pg (>= 0.18.0, != 1.2.0)
      sequel (>= 4.38.0)
    tilt (2.6.0)
    unicorn (6.1.0)
      kgio (~> 2.6)
      raindrops (~> 0.7)

PLATFORMS
  ruby
  x86_64-darwin-22

DEPENDENCIES
  base64
  erubi (~> 1.12)
  iodine (~> 0.7)
  json (~> 2.8)
  mysql2 (~> 0.5)
  pg (~> 1.4)
  puma (~> 6.2)
  roda (~> 3.66)
  sequel (~> 5.67)
  sequel_pg (~> 1.17)
  tilt (~> 2.1)
  unicorn (~> 6.1)

BUNDLED WITH
   2.5.10
