GEM
  remote: http://rubygems.org/
  specs:
    activesupport (5.0.0.1)
      concurrent-ruby (~> 1.0, >= 1.0.2)
      i18n (~> 0.7)
      minitest (~> 5.1)
      tzinfo (~> 1.1)
    addressable (2.4.0)
    concurrent-ruby (1.0.2)
    daemons (1.2.4)
    data_objects (0.10.17)
      addressable (~> 2.1)
    dm-core (1.2.1)
      addressable (~> 2.3)
    dm-do-adapter (1.2.0)
      data_objects (~> 0.10.6)
      dm-core (~> 1.2.0)
    dm-mysql-adapter (1.2.0)
      dm-do-adapter (~> 1.2.0)
      do_mysql (~> 0.10.6)
    do_mysql (0.10.17)
      data_objects (= 0.10.17)
    eventmachine (1.2.0.1)
    http_router (0.11.2)
      rack (>= 1.0.0)
      url_mount (~> 0.2.1)
    i18n (0.7.0)
    json (1.8.1)
    kgio (2.10.0)
    mail (2.6.4)
      mime-types (>= 1.16, < 4)
    mime-types (2.99.3)
    minitest (5.9.0)
    moneta (0.7.20)
    mysql2 (0.3.16)
    padrino (0.12.8)
      padrino-admin (= 0.12.8)
      padrino-cache (= 0.12.8)
      padrino-core (= 0.12.8)
      padrino-gen (= 0.12.8)
      padrino-helpers (= 0.12.8)
      padrino-mailer (= 0.12.8)
      padrino-support (= 0.12.8)
    padrino-admin (0.12.8)
      padrino-core (= 0.12.8)
      padrino-helpers (= 0.12.8)
    padrino-cache (0.12.8)
      moneta (~> 0.7.0)
      padrino-core (= 0.12.8)
      padrino-helpers (= 0.12.8)
    padrino-core (0.12.8)
      activesupport (>= 3.1)
      http_router (~> 0.11.0)
      padrino-support (= 0.12.8)
      rack (< 1.6.0)
      rack-protection (>= 1.5.0)
      sinatra (~> 1.4.2)
      thor (~> 0.18)
    padrino-gen (0.12.8)
      bundler (~> 1.0)
      padrino-core (= 0.12.8)
    padrino-helpers (0.12.8)
      i18n (~> 0.6, >= 0.6.7)
      padrino-support (= 0.12.8)
      tilt (~> 1.4.1)
    padrino-mailer (0.12.8)
      mail (~> 2.5)
      mime-types (< 3)
      padrino-core (= 0.12.8)
    padrino-support (0.12.8)
      activesupport (>= 3.1)
    puma (2.9.0)
      rack (>= 1.1, < 2.0)
    rack (1.5.5)
    rack-protection (1.5.3)
      rack
    raindrops (0.17.0)
    sinatra (1.4.7)
      rack (~> 1.5)
      rack-protection (~> 1.4)
      tilt (>= 1.3, < 3)
    slim (2.0.3)
      temple (~> 0.6.6)
      tilt (>= 1.3.3, < 2.1)
    temple (0.6.10)
    thin (1.6.2)
      daemons (>= 1.0.9)
      eventmachine (>= 1.0.0)
      rack (>= 1.0.0)
    thor (0.19.1)
    thread_safe (0.3.5)
    tilt (1.4.1)
    tzinfo (1.2.2)
      thread_safe (~> 0.1)
    unicorn (4.8.3)
      kgio (~> 2.6)
      rack
      raindrops (~> 0.7)
    url_mount (0.2.1)
      rack

PLATFORMS
  ruby

DEPENDENCIES
  dm-core (= 1.2.1)
  dm-mysql-adapter (= 1.2.0)
  jdbc-mysql (= 5.1.38)
  json (= 1.8.1)
  mysql2 (= 0.3.16)
  padrino (~> 0.12.3)
  puma (= 2.9.0)
  slim (= 2.0.3)
  thin (= 1.6.2)
  torqbox (= 0.1.7)
  trinidad (= 1.4.6)
  unicorn (= 4.8.3)

BUNDLED WITH
   1.13.1
