GEM
  remote: http://rubygems.org/
  specs:
    daemons (1.2.4)
    eventmachine (1.2.0.1)
    json (1.8.1)
    kgio (2.10.0)
    mysql2 (0.3.16)
    puma (2.9.2)
      rack (>= 1.1, < 2.0)
    rack (1.5.2)
    raindrops (0.17.0)
    thin (1.6.4)
      daemons (~> 1.0, >= 1.0.9)
      eventmachine (~> 1.0, >= 1.0.4)
      rack (~> 1.0)
    unicorn (4.8.3)
      kgio (~> 2.6)
      rack
      raindrops (~> 0.7)

PLATFORMS
  ruby

DEPENDENCIES
  jdbc-mysql (= 5.1.38)
  json (= 1.8.1)
  mysql2 (= 0.3.16)
  puma (~> 2.9.0)
  rack (= 1.5.2)
  thin (~> 1.6.2)
  torqbox (= 0.1.7)
  trinidad (= 1.4.6)
  unicorn (= 4.8.3)

BUNDLED WITH
   1.13.1
