GEM
  remote: http://rubygems.org/
  specs:
    daemons (1.2.4)
    eventmachine (1.2.3)
    json (2.1.0)
    kgio (2.11.0)
    mysql2 (0.4.5)
    puma (3.8.2)
    rack (2.0.1)
    raindrops (0.18.0)
    thin (1.7.0)
      daemons (~> 1.0, >= 1.0.9)
      eventmachine (~> 1.0, >= 1.0.4)
      rack (>= 1, < 3)
    unicorn (5.3.0)
      kgio (~> 2.6)
      raindrops (~> 0.7)

PLATFORMS
  ruby

DEPENDENCIES
  jdbc-mysql (= 5.1.38)
  json (= 2.1.0)
  mysql2 (= 0.4.5)
  puma (= 3.8.2)
  rack (= 2.0.1)
  thin (= 1.7.0)
  torquebox (= 3.2.0)
  trinidad (= 1.4.6)
  unicorn (= 5.3.0)

BUNDLED WITH
   1.14.3
