GEM
  remote: https://rubygems.org/
  specs:
    concurrent-ruby (1.2.2)
    connection_pool (2.4.0)
    kgio (2.11.4)
    nio4r (2.5.9)
    oj (3.14.2)
    pg (1.4.6)
    puma (6.2.1)
      nio4r (~> 2.0)
    rack (3.0.7)
    rack-test (2.1.0)
      rack (>= 1.3)
    raindrops (0.20.1)
    tzinfo (2.0.6)
      concurrent-ruby (~> 1.0)
    tzinfo-data (1.2023.3)
      tzinfo (>= 1.0.0)
    unicorn (6.1.0)
      kgio (~> 2.6)
      raindrops (~> 0.7)

PLATFORMS
  x86_64-linux

DEPENDENCIES
  connection_pool (~> 2.4)
  oj (~> 3.14)
  pg (~> 1.4)
  puma (~> 6.2)
  rack-test
  tzinfo-data (= 1.2023.3)
  unicorn (~> 6.1)

RUBY VERSION
   ruby 3.2.2p53

BUNDLED WITH
   2.4.10
