GEM
  remote: https://rubygems.org/
  specs:
    agoo (2.15.13)
    bigdecimal (3.1.9)
    connection_pool (2.5.0)
    oj (3.16.10)
      bigdecimal (>= 3.0)
      ostruct (>= 0.2)
    ostruct (0.6.1)
    pg (1.6.2)
    pg (1.6.2-x86_64-linux)
    rack (3.2.0)

PLATFORMS
  ruby
  x86_64-linux

DEPENDENCIES
  agoo
  connection_pool
  oj
  pg
  rack

BUNDLED WITH
   2.7.0
