GEM
  remote: http://rubygems.org/
  specs:
    actioncable (5.1.0)
      actionpack (= 5.1.0)
      nio4r (~> 2.0)
      websocket-driver (~> 0.6.1)
    actionmailer (5.1.0)
      actionpack (= 5.1.0)
      actionview (= 5.1.0)
      activejob (= 5.1.0)
      mail (~> 2.5, >= 2.5.4)
      rails-dom-testing (~> 2.0)
    actionpack (5.1.0)
      actionview (= 5.1.0)
      activesupport (= 5.1.0)
      rack (~> 2.0)
      rack-test (~> 0.6.3)
      rails-dom-testing (~> 2.0)
      rails-html-sanitizer (~> 1.0, >= 1.0.2)
    actionview (5.1.0)
      activesupport (= 5.1.0)
      builder (~> 3.1)
      erubi (~> 1.4)
      rails-dom-testing (~> 2.0)
      rails-html-sanitizer (~> 1.0, >= 1.0.3)
    activejob (5.1.0)
      activesupport (= 5.1.0)
      globalid (>= 0.3.6)
    activemodel (5.1.0)
      activesupport (= 5.1.0)
    activerecord (5.1.0)
      activemodel (= 5.1.0)
      activesupport (= 5.1.0)
      arel (~> 8.0)
    activerecord-import (0.18.1)
      activerecord (>= 3.2)
    activerecord-jdbc-adapter (1.3.22)
      activerecord (>= 2.2)
    activerecord-jdbcmysql-adapter (1.3.22)
      activerecord-jdbc-adapter (~> 1.3.22)
      jdbc-mysql (>= 5.1.22)
    activesupport (5.1.0)
      concurrent-ruby (~> 1.0, >= 1.0.2)
      i18n (~> 0.7)
      minitest (~> 5.1)
      tzinfo (~> 1.1)
    arel (8.0.0)
    blankslate (2.1.2.4)
    builder (3.2.3)
    concurrent-ruby (1.0.5)
    concurrent-ruby (1.0.5-java)
    daemons (1.2.4)
    edn (1.0.0)
      parslet (~> 1.4.0)
    erubi (1.6.0)
    eventmachine (1.2.3)
    globalid (0.4.0)
      activesupport (>= 4.2.0)
    i18n (0.8.1)
    jdbc-mysql (5.1.40)
    jruby-rack (1.1.20)
    kgio (2.11.0)
    loofah (2.0.3)
      nokogiri (>= 1.5.9)
    mail (2.6.5)
      mime-types (>= 1.16, < 4)
    method_source (0.8.2)
    mime-types (3.1)
      mime-types-data (~> 3.2015)
    mime-types-data (3.2016.0521)
    mini_portile2 (2.1.0)
    minitest (5.10.1)
    mysql2 (0.4.5)
    nio4r (2.0.0)
    nio4r (2.0.0-java)
    nokogiri (1.7.1)
      mini_portile2 (~> 2.1.0)
    nokogiri (1.7.1-java)
    parslet (1.4.0)
      blankslate (~> 2.0)
    puma (3.8.2)
    puma (3.8.2-java)
    rack (2.0.1)
    rack-test (0.6.3)
      rack (>= 1.0)
    rails (5.1.0)
      actioncable (= 5.1.0)
      actionmailer (= 5.1.0)
      actionpack (= 5.1.0)
      actionview (= 5.1.0)
      activejob (= 5.1.0)
      activemodel (= 5.1.0)
      activerecord (= 5.1.0)
      activesupport (= 5.1.0)
      bundler (>= 1.3.0, < 2.0)
      railties (= 5.1.0)
      sprockets-rails (>= 2.0.0)
    rails-dom-testing (2.0.2)
      activesupport (>= 4.2.0, < 6.0)
      nokogiri (~> 1.6)
    rails-html-sanitizer (1.0.3)
      loofah (~> 2.0)
    railties (5.1.0)
      actionpack (= 5.1.0)
      activesupport (= 5.1.0)
      method_source
      rake (>= 0.8.7)
      thor (>= 0.18.1, < 2.0)
    raindrops (0.18.0)
    rake (12.0.0)
    sprockets (3.7.1)
      concurrent-ruby (~> 1.0)
      rack (> 1, < 3)
    sprockets-rails (3.2.0)
      actionpack (>= 4.0)
      activesupport (>= 4.0)
      sprockets (>= 3.0.0)
    thin (1.7.0)
      daemons (~> 1.0, >= 1.0.9)
      eventmachine (~> 1.0, >= 1.0.4)
      rack (>= 1, < 3)
    thor (0.19.4)
    thread_safe (0.3.6)
    thread_safe (0.3.6-java)
    torquebox (3.2.0)
      thor (>= 0.14.6)
      torquebox-cache (= 3.2.0)
      torquebox-configure (= 3.2.0)
      torquebox-core (= 3.2.0)
      torquebox-messaging (= 3.2.0)
      torquebox-naming (= 3.2.0)
      torquebox-rake-support (= 3.2.0)
      torquebox-security (= 3.2.0)
      torquebox-stomp (= 3.2.0)
      torquebox-transactions (= 3.2.0)
      torquebox-web (= 3.2.0)
    torquebox-cache (3.2.0-java)
      torquebox-core (= 3.2.0)
      torquebox-transactions (= 3.2.0)
    torquebox-configure (3.2.0-java)
      blankslate (= 2.1.2.4)
    torquebox-core (3.2.0-java)
      edn (= 1.0.0)
    torquebox-messaging (3.2.0-java)
      torquebox-core (= 3.2.0)
      torquebox-transactions (= 3.2.0)
    torquebox-naming (3.2.0-java)
      torquebox-core (= 3.2.0)
    torquebox-rake-support (3.2.0)
      rake (>= 0.8.7)
    torquebox-security (3.2.0-java)
      torquebox-core (= 3.2.0)
    torquebox-stomp (3.2.0)
      torquebox-core (= 3.2.0)
      torquebox-messaging (= 3.2.0)
    torquebox-transactions (3.2.0)
      torquebox-core (= 3.2.0)
    torquebox-web (3.2.0-java)
    trinidad (1.4.6)
      jruby-rack (~> 1.1.13)
      trinidad_jars (>= 1.3.0, < 1.5.0)
    trinidad_jars (1.4.2)
    tzinfo (1.2.3)
      thread_safe (~> 0.1)
    unicorn (5.3.0)
      kgio (~> 2.6)
      raindrops (~> 0.7)
    websocket-driver (0.6.5)
      websocket-extensions (>= 0.1.0)
    websocket-driver (0.6.5-java)
      websocket-extensions (>= 0.1.0)
    websocket-extensions (0.1.2)

PLATFORMS
  java
  ruby

DEPENDENCIES
  activerecord (= 5.1.0)
  activerecord-import (= 0.18.1)
  activerecord-jdbcmysql-adapter (~> 1.3.9)
  mysql2 (= 0.4.5)
  puma (= 3.8.2)
  rails (~> 5.1.0)
  thin (= 1.7.0)
  torquebox (= 3.2.0)
  trinidad (= 1.4.6)
  unicorn (= 5.3.0)

BUNDLED WITH
   1.14.3
