GEM
  remote: http://rubygems.org/
  specs:
    activemodel (5.1.0)
      activesupport (= 5.1.0)
    activerecord (5.1.0)
      activemodel (= 5.1.0)
      activesupport (= 5.1.0)
      arel (~> 8.0)
    activerecord-import (0.18.1)
      activerecord (>= 3.2)
    activerecord-jdbc-adapter (1.3.22)
      activerecord (>= 2.2)
    activerecord-jdbcmysql-adapter (1.3.22)
      activerecord-jdbc-adapter (~> 1.3.22)
      jdbc-mysql (>= 5.1.22)
    activesupport (5.1.0)
      concurrent-ruby (~> 1.0, >= 1.0.2)
      i18n (~> 0.7)
      minitest (~> 5.1)
      tzinfo (~> 1.1)
    arel (8.0.0)
    axiom-types (0.1.1)
      descendants_tracker (~> 0.0.4)
      ice_nine (~> 0.11.0)
      thread_safe (~> 0.3, >= 0.3.1)
    blankslate (2.1.2.4)
    builder (3.2.3)
    coercible (1.0.0)
      descendants_tracker (~> 0.0.1)
    concurrent-ruby (1.0.5)
    concurrent-ruby (1.0.5-java)
    daemons (1.2.4)
    descendants_tracker (0.0.4)
      thread_safe (~> 0.3, >= 0.3.1)
    edn (1.0.0)
      parslet (~> 1.4.0)
    equalizer (0.0.11)
    eventmachine (1.2.3)
    grape (0.19.2)
      activesupport
      builder
      hashie (>= 2.1.0)
      multi_json (>= 1.3.2)
      multi_xml (>= 0.5.2)
      mustermann-grape (~> 1.0.0)
      rack (>= 1.3.0)
      rack-accept
      virtus (>= 1.0.0)
    hashie (3.5.5)
    i18n (0.8.1)
    ice_nine (0.11.2)
    jdbc-mysql (5.1.40)
    jruby-rack (1.1.20)
    json (2.1.0)
    json (2.1.0-java)
    kgio (2.11.0)
    minitest (5.10.1)
    multi_json (1.12.1)
    multi_xml (0.6.0)
    mustermann (1.0.0)
    mustermann-grape (1.0.0)
      mustermann (~> 1.0.0)
    mysql2 (0.4.5)
    parslet (1.4.0)
      blankslate (~> 2.0)
    puma (3.8.2)
    puma (3.8.2-java)
    rack (1.6.5)
    rack-accept (0.4.5)
      rack (>= 0.4)
    raindrops (0.18.0)
    rake (12.0.0)
    thin (1.7.0)
      daemons (~> 1.0, >= 1.0.9)
      eventmachine (~> 1.0, >= 1.0.4)
      rack (>= 1, < 3)
    thor (0.19.4)
    thread_safe (0.3.6)
    thread_safe (0.3.6-java)
    torquebox (3.2.0)
      thor (>= 0.14.6)
      torquebox-cache (= 3.2.0)
      torquebox-configure (= 3.2.0)
      torquebox-core (= 3.2.0)
      torquebox-messaging (= 3.2.0)
      torquebox-naming (= 3.2.0)
      torquebox-rake-support (= 3.2.0)
      torquebox-security (= 3.2.0)
      torquebox-stomp (= 3.2.0)
      torquebox-transactions (= 3.2.0)
      torquebox-web (= 3.2.0)
    torquebox-cache (3.2.0-java)
      torquebox-core (= 3.2.0)
      torquebox-transactions (= 3.2.0)
    torquebox-configure (3.2.0-java)
      blankslate (= 2.1.2.4)
    torquebox-core (3.2.0-java)
      edn (= 1.0.0)
    torquebox-messaging (3.2.0-java)
      torquebox-core (= 3.2.0)
      torquebox-transactions (= 3.2.0)
    torquebox-naming (3.2.0-java)
      torquebox-core (= 3.2.0)
    torquebox-rake-support (3.2.0)
      rake (>= 0.8.7)
    torquebox-security (3.2.0-java)
      torquebox-core (= 3.2.0)
    torquebox-stomp (3.2.0)
      torquebox-core (= 3.2.0)
      torquebox-messaging (= 3.2.0)
    torquebox-transactions (3.2.0)
      torquebox-core (= 3.2.0)
    torquebox-web (3.2.0-java)
    trinidad (1.4.6)
      jruby-rack (~> 1.1.13)
      trinidad_jars (>= 1.3.0, < 1.5.0)
    trinidad_jars (1.4.2)
    tzinfo (1.2.3)
      thread_safe (~> 0.1)
    unicorn (5.3.0)
      kgio (~> 2.6)
      raindrops (~> 0.7)
    virtus (1.0.5)
      axiom-types (~> 0.1)
      coercible (~> 1.0)
      descendants_tracker (~> 0.0, >= 0.0.3)
      equalizer (~> 0.0, >= 0.0.9)

PLATFORMS
  java
  ruby

DEPENDENCIES
  activerecord (= 5.1.0)
  activerecord-import (~> 0.18.1)
  activerecord-jdbcmysql-adapter (~> 1.3.9)
  grape (= 0.19.2)
  json (= 2.1.0)
  mysql2 (= 0.4.5)
  puma (= 3.8.2)
  rack (= 1.6.5)
  thin (= 1.7.0)
  torquebox (= 3.2.0)
  trinidad (= 1.4.6)
  unicorn (= 5.3.0)

BUNDLED WITH
   1.14.3
