GEM
  remote: https://rubygems.org/
  specs:
    json (1.8.3)
    mysql2 (0.4.4)
    puma (2.15.3)
    rack (1.6.4)
    rack-protection (1.5.3)
      rack
    sequel (4.38.0)
    sinatra (1.4.7)
      rack (~> 1.5)
      rack-protection (~> 1.4)
      tilt (>= 1.3, < 3)
    slim (3.0.7)
      temple (~> 0.7.6)
      tilt (>= 1.3.3, < 2.1)
    temple (0.7.7)
    tilt (2.0.5)

PLATFORMS
  ruby

DEPENDENCIES
  jdbc-mysql (~> 5.1.38)
  json (~> 1.8.3)
  mysql2 (~> 0.4.0)
  puma (~> 2.15.3)
  sequel (~> 4.28)
  sinatra (~> 1.4.6)
  slim (~> 3.0.6)

BUNDLED WITH
   1.13.1
