GEM
  remote: https://rubygems.org/
  specs:
    jdbc-mysql (5.1.40)
    jdbc-postgres (9.4.1206)
    json (2.0.3)
    json (2.0.3-java)
    mustermann (1.0.0.beta2)
    mysql2 (0.4.5)
    pg (0.19.0)
    puma (3.6.2)
    puma (3.6.2-java)
    rack (2.0.1)
    rack-protection (2.0.0.beta2)
      rack
    sequel (4.42.1)
    sequel_pg (1.6.17)
      pg (>= 0.8.0)
      sequel (>= 4.0.0)
    sinatra (2.0.0.beta2)
      mustermann (= 1.0.0.beta2)
      rack (~> 2.0)
      rack-protection (= 2.0.0.beta2)
      tilt (~> 2.0)
    slim (3.0.7)
      temple (~> 0.7.6)
      tilt (>= 1.3.3, < 2.1)
    sysrandom (1.0.4)
    sysrandom (1.0.4-java)
    temple (0.7.7)
    tilt (2.0.5)

PLATFORMS
  java
  ruby

DEPENDENCIES
  jdbc-mysql (~> 5.1)
  jdbc-postgres (~> 9.4)
  json (~> 2.0)
  mysql2 (~> 0.4)
  pg (~> 0.19)
  puma (~> 3.6)
  sequel (~> 4.40)
  sequel_pg (~> 1.6)
  sinatra (>= 2.0.0.beta2, < 3.0)
  slim (~> 3.0)
  sysrandom (= 1.0.4)

BUNDLED WITH
   1.13.7
