GEM
  remote: https://rubygems.org/
  specs:
    bigdecimal (3.1.9)
    json (2.10.1)
    kgio (2.11.4)
    mysql2 (0.5.6)
    nio4r (2.7.4)
    pg (1.5.9)
    puma (6.6.0)
      nio4r (~> 2.0)
    rack (3.1.11)
    raindrops (0.20.1)
    sequel (5.90.0)
      bigdecimal
    sequel_pg (1.17.1)
      pg (>= 0.18.0, != 1.2.0)
      sequel (>= 4.38.0)
    unicorn (6.1.0)
      kgio (~> 2.6)
      raindrops (~> 0.7)

PLATFORMS
  ruby
  x86_64-darwin-22
  x86_64-linux

DEPENDENCIES
  json (~> 2.8)
  mysql2 (~> 0.4)
  pg (~> 1.5)
  puma (~> 6.5)
  rack (~> 3.0)
  sequel (~> 5.0)
  sequel_pg (~> 1.6)
  unicorn (~> 6.1)

BUNDLED WITH
   2.6.2
