GEM
  remote: https://rubygems.org/
  specs:
    bigdecimal (3.3.1)
    concurrent-ruby (1.3.5)
    json (2.13.2)
    nio4r (2.7.4)
    pg (1.6.2)
    pg (1.6.2-x86_64-darwin)
    pg (1.6.2-x86_64-linux)
    puma (7.0.2)
      nio4r (~> 2.0)
    rack (3.2.0)
    sequel (5.97.0)
      bigdecimal
    sequel_pg (1.17.2)
      pg (>= 0.18.0, != 1.2.0)
      sequel (>= 4.38.0)
    trilogy (2.9.0)

PLATFORMS
  ruby
  x86_64-darwin-22
  x86_64-linux

DEPENDENCIES
  concurrent-ruby
  json (~> 2.8)
  pg (~> 1.5)
  puma (~> 7.0)
  rack (~> 3.1)
  sequel (~> 5.0)
  sequel_pg (~> 1.6)
  trilogy (~> 2.9)

BUNDLED WITH
   2.7.0
