GEM
  remote: https://rubygems.org/
  specs:
    base64 (0.2.0)
    bigdecimal (3.1.9)
    json (2.10.1)
    kgio (2.11.4)
    mysql2 (0.5.6)
    nio4r (2.7.4)
    passenger (6.0.26)
      rack (>= 1.6.13)
      rackup (>= 2.0.0)
      rake (>= 12.3.3)
    pg (1.5.9)
    puma (6.6.0)
      nio4r (~> 2.0)
    rack (3.1.11)
    rackup (2.2.1)
      rack (>= 3)
    raindrops (0.20.1)
    rake (13.2.1)
    sequel (5.90.0)
      bigdecimal
    sequel_pg (1.17.1)
      pg (>= 0.18.0, != 1.2.0)
      sequel (>= 4.38.0)
    unicorn (6.1.0)
      kgio (~> 2.6)
      raindrops (~> 0.7)

PLATFORMS
  ruby
  x86_64-darwin-22

DEPENDENCIES
  base64
  json (~> 2.8)
  mysql2 (~> 0.4)
  passenger (~> 6.0)
  pg (~> 1.5)
  puma (~> 6.5)
  rack (~> 3.0)
  sequel (~> 5.0)
  sequel_pg (~> 1.6)
  unicorn (~> 6.1)

BUNDLED WITH
   2.5.10
